{
  "CogAtlasID": "https://www.cognitiveatlas.org/task/id/trm_4c8991fadfe01",
  "DeviceSerialNumber": "45031",
  "DwellTime": 5.4e-06,
  "EchoTime": 0.028,
  "EffectiveEchoSpacing": 0.000390001,
  "FlipAngle": 64,
  "InstitutionAddress": "Washington Rd, Princeton, NJ 08540, USA",
  "InstitutionName": "Princeton University",
  "InstitutionalDepartmentName": "Princeton Neuroscience Institute",
  "MagneticFieldStrength": 3,
  "Manufacturer": "Siemens",
  "ManufacturersModelName": "Skyra",
  "NumberOfVolumesDiscardedByScanner": 3,
  "ParallelReductionFactorInPlane": 2,
  "ParallelReductionType": "GRAPPA",
  "PartialFourier": 1,
  "PhaseEncodingDirection": "j-",
  "PixelBandwidth": 1445,
  "PulseSequenceDetails": "%SiemensSeq%_ep2d_bold",
  "PulseSequenceType": "Gradient Echo EPI",
  "ReceiveCoilActiveElements": "HE1-4",
  "ReceiveCoilName": "HeadNeck_20",
  "RepetitionTime": 1.5,
  "ScanOptions": "FS",
  "ScanningSequence": "EP",
  "SequenceName": "_epfid2d1_64",
  "SequenceVariant": "SK",
  "SliceTiming": [
    0,
    0.7775,
    0.055,
    0.8325,
    0.11,
    0.8875,
    0.165,
    0.9425,
    0.2225,
    1,
    0.2775,
    1.055,
    0.3325,
    1.11,
    0.3875,
    1.165,
    0.445,
    1.2225,
    0.5,
    1.2775,
    0.555,
    1.3325,
    0.61,
    1.3875,
    0.665,
    1.4425,
    0.7225
  ],
  "SoftwareVersions": "syngo_MR_D11",
  "StationName": "AWP45031",
  "TaskDescription": "Passively listened to audio story 'notthefall'",
  "TaskName": "notthefall",
  "TotalReadoutTime": 0.0245701
}