{
  "DeviceSerialNumber": "45031",
  "DwellTime": 8.2e-06,
  "EchoTime": 0.00308,
  "FlipAngle": 9,
  "InstitutionAddress": "Washington Rd, Princeton, NJ 08540, USA",
  "InstitutionName": "Princeton University",
  "InstitutionalDepartmentName": "Princeton Neuroscience Institute",
  "InversionTime": 0.9,
  "MagneticFieldStrength": 3,
  "Manufacturer": "Siemens",
  "ManufacturersModelName": "Skyra",
  "ParallelReductionFactorInPlane": 2,
  "ParallelReductionType": "GRAPPA",
  "PartialFourier": 1,
  "PixelBandwidth": 240,
  "PulseSequenceDetails": "%SiemensSeq%_tfl",
  "PulseSequenceType": "MPRAGE",
  "ReceiveCoilActiveElements": "HE1-4",
  "ReceiveCoilName": "HeadNeck_20",
  "RepetitionTime": 2.3,
  "ScanOptions": "IR",
  "ScanningSequence": "GR_IR",
  "SequenceName": "_tfl3d1_16ns",
  "SequenceVariant": "SK_SP_MP",
  "SoftwareVersions": "syngo_MR_D11",
  "StationName": "AWP45031"
}