{
  "CogAtlasID": "https://www.cognitiveatlas.org/task/id/trm_4c8991fadfe01",
  "DeviceSerialNumber": "45031",
  "DwellTime": 4.9e-06,
  "EchoTime": 0.028,
  "EffectiveEchoSpacing": 0.000355001,
  "FlipAngle": 64,
  "InstitutionAddress": "Washington Rd, Princeton, NJ 08540, USA",
  "InstitutionName": "Princeton University",
  "InstitutionalDepartmentName": "Princeton Neuroscience Institute",
  "MagneticFieldStrength": 3,
  "Manufacturer": "Siemens",
  "ManufacturersModelName": "Skyra",
  "NumberOfVolumesDiscardedByScanner": 3,
  "ParallelReductionFactorInPlane": 2,
  "ParallelReductionType": "GRAPPA",
  "PartialFourier": 1,
  "PhaseEncodingDirection": "j-",
  "PixelBandwidth": 1595,
  "PulseSequenceDetails": "%SiemensSeq%_ep2d_bold",
  "PulseSequenceType": "Gradient Echo EPI",
  "ReceiveCoilActiveElements": "HE1-4",
  "ReceiveCoilName": "HeadNeck_20",
  "RepetitionTime": 1.5,
  "ScanOptions": "FS",
  "ScanningSequence": "EP",
  "SequenceName": "_epfid2d1_64",
  "SequenceVariant": "SK",
  "SliceTiming": [
    0,
    0.7675,
    0.055,
    0.8225,
    0.1075,
    0.875,
    0.1625,
    0.93,
    0.2175,
    0.985,
    0.2725,
    1.04,
    0.3275,
    1.095,
    0.3825,
    1.15,
    0.4375,
    1.205,
    0.4925,
    1.26,
    0.5475,
    1.315,
    0.6025,
    1.37,
    0.6575,
    1.425,
    0.7125
  ],
  "SoftwareVersions": "syngo_MR_D13",
  "StationName": "AWP45031",
  "TaskDescription": "Passively listened to audio story 'merlin'",
  "TaskName": "merlin",
  "TotalReadoutTime": 0.022365
}