{
  "AcquisitionMatrixPE": 96,
  "BandwidthPerPixelPhaseEncode": 20.425,
  "BaseResolution": 96,
  "BodyPartExamined": "BRAIN",
  "ConsistencyInfo": "N4_VE11C_LATEST_20160120",
  "ConversionSoftware": "dcm2niix",
  "ConversionSoftwareVersion": "v1.0.20180328 GCC6.3.0",
  "DerivedVendorReportedEchoSpacing": 0.000509996,
  "DeviceSerialNumber": "66018",
  "DwellTime": 2.1e-06,
  "EchoTime": 0.031,
  "EchoTrainLength": 96,
  "EffectiveEchoSpacing": 0.000509996,
  "FlipAngle": 67,
  "ImageOrientationPatientDICOM": [
    1,
    0,
    0,
    0,
    1,
    0
  ],
  "ImageType": [
    "ORIGINAL",
    "PRIMARY",
    "M",
    "ND",
    "NORM",
    "MOSAIC"
  ],
  "InPlanePhaseEncodingDirectionDICOM": "COL",
  "InstitutionAddress": "Washington Rd, Princeton, NJ 08540, USA",
  "InstitutionName": "Princeton University",
  "InstitutionalDepartmentName": "Princeton Neuroscience Institute",
  "MRAcquisitionType": "2D",
  "MagneticFieldStrength": 3,
  "Manufacturer": "Siemens",
  "ManufacturersModelName": "Prisma",
  "Modality": "MR",
  "MultibandAccelerationFactor": 3,
  "NumberOfVolumesDiscardedByScanner": 3,
  "PartialFourier": 1,
  "PatientPosition": "HFS",
  "PercentPhaseFOV": 100,
  "PhaseEncodingDirection": "j-",
  "PhaseEncodingSteps": 96,
  "PhaseResolution": 1,
  "PixelBandwidth": 2480,
  "ProcedureStepDescription": "Hasson_Nastase_042518_Storyteller",
  "ProtocolName": "func_task-forgot",
  "PulseSequenceDetails": "%SiemensSeq%_ep2d_bold",
  "ReceiveCoilActiveElements": "HC1-7;NC1",
  "ReceiveCoilName": "HeadNeck_64",
  "ReconMatrixPE": 96,
  "RepetitionTime": 1.5,
  "SAR": 0.0472141,
  "ScanOptions": "FS",
  "ScanningSequence": "EP",
  "SequenceName": "_epfid2d1_96",
  "SequenceVariant": "SK",
  "SeriesDescription": "func_task-forgot",
  "SeriesNumber": 10,
  "ShimSetting": [
    765,
    529,
    2132,
    842,
    -66,
    56,
    288,
    0
  ],
  "SliceThickness": 2.5,
  "SliceTiming": [
    1.11,
    0,
    0.74,
    0.0925,
    0.8325,
    0.185,
    0.925,
    0.2775,
    1.0175,
    0.4625,
    1.2025,
    0.555,
    1.295,
    0.6475,
    1.3875,
    0.37,
    1.11,
    0,
    0.74,
    0.0925,
    0.8325,
    0.185,
    0.925,
    0.2775,
    1.0175,
    0.4625,
    1.2025,
    0.555,
    1.295,
    0.6475,
    1.3875,
    0.37,
    1.11,
    0,
    0.74,
    0.0925,
    0.8325,
    0.185,
    0.925,
    0.2775,
    1.0175,
    0.4625,
    1.2025,
    0.555,
    1.295,
    0.6475,
    1.3875,
    0.37
  ],
  "SoftwareVersions": "syngo_MR_E11",
  "SpacingBetweenSlices": 2.5,
  "StationName": "AWP66018",
  "TaskDescription": "Passively listened to audio story 'forgot'",
  "TaskName": "forgot",
  "TotalReadoutTime": 0.0484496,
  "TxRefAmp": 238.357
}