{
  "CogAtlasID": "https://www.cognitiveatlas.org/task/id/trm_4c8991fadfe01",
  "DeviceSerialNumber": "45031",
  "DwellTime": 5.4e-06,
  "EchoTime": 0.028,
  "EffectiveEchoSpacing": 0.000390001,
  "FlipAngle": 64,
  "InstitutionAddress": "Washington Rd, Princeton, NJ 08540, USA",
  "InstitutionName": "Princeton University",
  "InstitutionalDepartmentName": "Princeton Neuroscience Institute",
  "MagneticFieldStrength": 3,
  "Manufacturer": "Siemens",
  "ManufacturersModelName": "Skyra",
  "NumberOfVolumesDiscardedByScanner": 3,
  "ParallelReductionFactorInPlane": 2,
  "ParallelReductionType": "GRAPPA",
  "PartialFourier": 1,
  "PhaseEncodingDirection": "j-",
  "PixelBandwidth": 1445,
  "PulseSequenceDetails": "%SiemensSeq%_ep2d_bold",
  "PulseSequenceType": "Gradient Echo EPI",
  "ReceiveCoilActiveElements": "HE1-4",
  "ReceiveCoilName": "HeadNeck_20",
  "RepetitionTime": 1.5,
  "ScanOptions": "FS",
  "ScanningSequence": "EP",
  "SequenceName": "_epfid2d1_64",
  "SequenceVariant": "SK",
  "SliceTiming": [
    0,
    0.7775,
    0.0575,
    0.835,
    0.1125,
    0.89,
    0.1675,
    0.945,
    0.2225,
    1,
    0.28,
    1.0575,
    0.335,
    1.1125,
    0.39,
    1.1675,
    0.445,
    1.2225,
    0.5,
    1.2775,
    0.5575,
    1.335,
    0.6125,
    1.39,
    0.6675,
    1.445,
    0.7225
  ],
  "SoftwareVersions": "syngo_MR_D11",
  "StationName": "AWP45031",
  "TaskDescription": "Passively listened to audio story 'lucy'",
  "TaskName": "lucy",
  "TotalReadoutTime": 0.0245701
}