{"ParellelReductionType": "TODO", "PulseSequenceType": "MPRAGE", "InstitutionName": "Princeton University", "InstitutionAddress": "Washington Rd, Building 25, Princeton, NJ 08540, USA", "InstitutionalDepartmentName": "Princeton Neuroscience Institute", "RepetitionTime": 2.3, "Manufacturer": "Siemens", "ManufacturersModelName": "Skyra", "MagneticFieldStrength": 3, "DeviceSerialNumber": "45031", "StationName": "AWP45031", "SoftwareVersions": "syngo_MR_D11", "ReceiveCoilName": "HeadNeck_20", "ReceiveCoilActiveElements": "HE1-4", "ScanningSequence": "GR_IR", "SequenceVariant": "SK_SP_MP", "SequenceName": "_tfl3d1_16ns", "ScanOptions": "IR", "PulseSequenceDetails": "%SiemensSeq%_tfl", "ParallelReductionFactorInPlane": 2, "PartialFourier": 1, "EchoTime": 0.00308, "DwellTime": 8.2e-06, "FlipAngle": 9, "InversionTime": 0.9, "PixelBandwidth": 240}