{
  "CogAtlasID": "https://www.cognitiveatlas.org/task/id/trm_4c8991fadfe01",
  "DeviceSerialNumber": "66018",
  "DwellTime": 4.2e-06,
  "EchoTime": 0.039,
  "EffectiveEchoSpacing": 0.000929976,
  "FlipAngle": 50,
  "InstitutionAddress": "Washington Rd, Princeton, NJ 08540, USA",
  "InstitutionName": "Princeton University",
  "InstitutionalDepartmentName": "Princeton Neuroscience Institute",
  "MagneticFieldStrength": 3,
  "Manufacturer": "Siemens",
  "ManufacturersModelName": "Prisma",
  "NumberOfVolumesDiscardedByScanner": 3,
  "ParallelReductionType": "GRAPPA",
  "PartialFourier": 0.75,
  "PhaseEncodingDirection": "j-",
  "PixelBandwidth": 1240,
  "PulseSequenceDetails": "%CustomerSeq%_ep2d_bold_sms_mgh_v22",
  "PulseSequenceType": "Gradient Echo EPI",
  "ReceiveCoilActiveElements": "HC1-7;NC1,2",
  "ReceiveCoilName": "HeadNeck_64",
  "RepetitionTime": 1.5,
  "ScanOptions": "PFP_FS",
  "ScanningSequence": "EP",
  "SequenceName": "epfSM2d1_96",
  "SequenceVariant": "SK",
  "SliceTiming": [
    0.6925,
    0,
    0.79,
    0.1,
    0.8875,
    0.1975,
    0.9875,
    0.2975,
    1.085,
    0.395,
    1.185,
    0.495,
    1.2825,
    0.5925,
    1.3825,
    0.6925,
    0,
    0.79,
    0.1,
    0.8875,
    0.1975,
    0.9875,
    0.2975,
    1.085,
    0.395,
    1.185,
    0.495,
    1.2825,
    0.5925,
    1.3825,
    0.6925,
    0,
    0.79,
    0.1,
    0.8875,
    0.1975,
    0.9875,
    0.2975,
    1.085,
    0.395,
    1.185,
    0.495,
    1.2825,
    0.5925,
    1.3825,
    0.6925,
    0,
    0.79,
    0.1,
    0.8875,
    0.1975,
    0.9875,
    0.2975,
    1.085,
    0.395,
    1.185,
    0.495,
    1.2825,
    0.5925,
    1.3825
  ],
  "SoftwareVersions": "syngo_MR_D13D",
  "StationName": "AWP66018",
  "TaskDescription": "Passively listened to audio story 'schema'",
  "TaskName": "schema",
  "TotalReadoutTime": 0.0883478
}