{
  "AcquisitionMatrixPE": 256,
  "BaseResolution": 256,
  "BodyPartExamined": "BRAIN",
  "ConsistencyInfo": "N4_VE11C_LATEST_20160120",
  "ConversionSoftware": "dcm2niix",
  "ConversionSoftwareVersion": "v1.0.20180328 GCC6.3.0",
  "DeviceSerialNumber": "66018",
  "DwellTime": 9.8e-06,
  "EchoTime": 0.428,
  "EchoTrainLength": 175,
  "FlipAngle": 120,
  "ImageOrientationPatientDICOM": [
    0,
    1,
    0,
    0,
    0,
    -1
  ],
  "ImageType": [
    "ORIGINAL",
    "PRIMARY",
    "M",
    "ND"
  ],
  "InPlanePhaseEncodingDirectionDICOM": "ROW",
  "InstitutionAddress": "Washington Rd, Princeton, NJ 08540, USA",
  "InstitutionName": "Princeton University",
  "InstitutionalDepartmentName": "Princeton Neuroscience Institute",
  "MRAcquisitionType": "3D",
  "MagneticFieldStrength": 3,
  "Manufacturer": "Siemens",
  "ManufacturersModelName": "Prisma",
  "Modality": "MR",
  "ParallelReductionFactorInPlane": 2,
  "ParallelReductionType": "GRAPPA",
  "PartialFourier": 1,
  "PatientPosition": "HFS",
  "PercentPhaseFOV": 100,
  "PhaseEncodingSteps": 175,
  "PhaseResolution": 1,
  "PixelBandwidth": 200,
  "ProcedureStepDescription": "Hasson_Nastase_042518_Storyteller",
  "ProtocolName": "anat-T2w",
  "PulseSequenceDetails": "%SiemensSeq%_tse_vfl",
  "ReceiveCoilActiveElements": "HC1-7;NC1",
  "ReceiveCoilName": "HeadNeck_64",
  "ReconMatrixPE": 256,
  "RepetitionTime": 3.2,
  "SAR": 0.0403591,
  "ScanOptions": "PFP",
  "ScanningSequence": "SE",
  "SequenceName": "_spc_230ns",
  "SequenceVariant": "SK_SP",
  "SeriesDescription": "anat-T2w",
  "SeriesNumber": 12,
  "ShimSetting": [
    753,
    542,
    1994,
    461,
    -94,
    -281,
    224,
    34
  ],
  "SliceThickness": 1,
  "SoftwareVersions": "syngo_MR_E11",
  "StationName": "AWP66018",
  "TxRefAmp": 228.505
}