{
  "DeviceSerialNumber": "66018",
  "DwellTime": 9.8e-06,
  "EchoTime": 0.00267,
  "FlipAngle": 7,
  "InstitutionAddress": "Washington Rd, Princeton, NJ 08540, USA",
  "InstitutionName": "Princeton University",
  "InstitutionalDepartmentName": "Princeton Neuroscience Institute",
  "InversionTime": 1.2,
  "MagneticFieldStrength": 3,
  "Manufacturer": "Siemens",
  "ManufacturersModelName": "Prisma",
  "ParallelReductionFactorInPlane": 2,
  "ParallelReductionType": "GRAPPA",
  "PartialFourier": 1,
  "PixelBandwidth": 200,
  "PulseSequenceDetails": "%SiemensSeq%_tfl",
  "PulseSequenceType": "MPRAGE",
  "ReceiveCoilActiveElements": "HC1-7;NC1",
  "ReceiveCoilName": "HeadNeck_64",
  "RepetitionTime": 2.53,
  "ScanOptions": "IR",
  "ScanningSequence": "GR_IR",
  "SequenceName": "_tfl3d1_16",
  "SequenceVariant": "SK_SP_MP",
  "SoftwareVersions": "syngo_MR_D13D",
  "StationName": "AWP66018"
}