{
  "CogAtlasID": "https://www.cognitiveatlas.org/task/id/trm_4c8991fadfe01",
  "DeviceSerialNumber": "45031",
  "DwellTime": 4.9e-06,
  "EchoTime": 0.028,
  "EffectiveEchoSpacing": 0.000355001,
  "FlipAngle": 64,
  "InstitutionAddress": "Washington Rd, Princeton, NJ 08540, USA",
  "InstitutionName": "Princeton University",
  "InstitutionalDepartmentName": "Princeton Neuroscience Institute",
  "MagneticFieldStrength": 3,
  "Manufacturer": "Siemens",
  "ManufacturersModelName": "Skyra",
  "NumberOfVolumesDiscardedByScanner": 3,
  "ParallelReductionFactorInPlane": 2,
  "ParallelReductionType": "GRAPPA",
  "PartialFourier": 1,
  "PhaseEncodingDirection": "j-",
  "PixelBandwidth": 1595,
  "PulseSequenceDetails": "%SiemensSeq%_ep2d_bold",
  "PulseSequenceType": "Gradient Echo EPI",
  "ReceiveCoilActiveElements": "HE1-4",
  "ReceiveCoilName": "HeadNeck_20",
  "RepetitionTime": 1.5,
  "ScanOptions": "FS",
  "ScanningSequence": "EP",
  "SequenceName": "_epfid2d1_64",
  "SequenceVariant": "SK",
  "SliceTiming": [
    0,
    0.7675,
    0.055,
    0.8225,
    0.11,
    0.8775,
    0.165,
    0.9325,
    0.22,
    0.9875,
    0.275,
    1.0425,
    0.33,
    1.0975,
    0.385,
    1.1525,
    0.44,
    1.2075,
    0.495,
    1.2625,
    0.55,
    1.315,
    0.6025,
    1.37,
    0.6575,
    1.425,
    0.7125
  ],
  "SoftwareVersions": "syngo_MR_E11",
  "StationName": "AWP45031",
  "TaskDescription": "Passively listened to audio story '21styear'",
  "TaskName": "21styear",
  "TotalReadoutTime": 0.022365
}